PATH
  remote: .
  specs:
    tradeking (0.0.1)
      hpricot
      rest-client

GEM
  remote: https://rubygems.org/
  specs:
    diff-lcs (1.2.4)
    fakeweb (1.3.0)
    hpricot (0.8.6)
    mime-types (1.23)
    oauth (0.4.7)
    rake (10.1.0)
    rest-client (1.6.7)
      mime-types (>= 1.16)
    rspec (2.14.1)
      rspec-core (~> 2.14.0)
      rspec-expectations (~> 2.14.0)
      rspec-mocks (~> 2.14.0)
    rspec-core (2.14.4)
    rspec-expectations (2.14.0)
      diff-lcs (>= 1.1.3, < 2.0)
    rspec-mocks (2.14.1)
    vcr (2.5.0)

PLATFORMS
  ruby

DEPENDENCIES
  bundler (~> 1.3)
  fakeweb
  oauth
  rake
  rspec
  tradeking!
  vcr
