PATH
  remote: .
  specs:
    tradeking (0.0.1)
      activemodel (>= 3.0)
      activesupport (>= 3.0)
      hpricot
      rest-client
      tzinfo

GEM
  remote: https://rubygems.org/
  specs:
    activemodel (3.2.14)
      activesupport (= 3.2.14)
      builder (~> 3.0.0)
    activesupport (3.2.14)
      i18n (~> 0.6, >= 0.6.4)
      multi_json (~> 1.0)
    builder (3.0.4)
    diff-lcs (1.2.4)
    fakeweb (1.3.0)
    hpricot (0.8.6)
    i18n (0.6.4)
    mime-types (1.23)
    multi_json (1.7.8)
    oauth (0.4.7)
    rake (10.1.0)
    rest-client (1.6.7)
      mime-types (>= 1.16)
    rspec (2.14.1)
      rspec-core (~> 2.14.0)
      rspec-expectations (~> 2.14.0)
      rspec-mocks (~> 2.14.0)
    rspec-core (2.14.4)
    rspec-expectations (2.14.0)
      diff-lcs (>= 1.1.3, < 2.0)
    rspec-mocks (2.14.1)
    tzinfo (1.0.1)
    vcr (2.5.0)

PLATFORMS
  ruby

DEPENDENCIES
  bundler (~> 1.3)
  fakeweb
  oauth
  rake
  rspec
  tradeking!
  vcr
